GEM
  remote: https://rubygems.org/
  specs:
    activesupport (3.2.21)
      i18n (~> 0.6, >= 0.6.4)
      multi_json (~> 1.0)
    builder (3.2.2)
    cdq (0.1.11)
      motion-yaml
      ruby-xcdm (~> 0.0, >= 0.0.8)
    colored (1.2)
    i18n (0.6.11)
    ib (0.7.1)
      thor (~> 0.15.4)
      tilt (~> 1.4.1)
      xcodeproj (~> 0.17)
    motion-yaml (1.3)
    multi_json (1.10.1)
    plist (3.1.0)
    rake (10.4.2)
    ruby-xcdm (0.0.8)
      activesupport (~> 3.2)
      builder (~> 3.2)
      plist (~> 3.1)
    thor (0.15.4)
    tilt (1.4.1)
    xcodeproj (0.20.2)
      activesupport (>= 3)
      colored (~> 1.2)

PLATFORMS
  ruby

DEPENDENCIES
  cdq
  ib
  rake
